PATH
  remote: .
  specs:
    simple_http_client (0.0.1)

GEM
  remote: https://rubygems.org/
  specs:
    diff-lcs (1.2.5)
    rack (1.6.4)
    rspec (3.3.0)
      rspec-core (~> 3.3.0)
      rspec-expectations (~> 3.3.0)
      rspec-mocks (~> 3.3.0)
    rspec-core (3.3.2)
      rspec-support (~> 3.3.0)
    rspec-expectations (3.3.1)
      diff-lcs (>= 1.2.0, < 2.0)
      rspec-support (~> 3.3.0)
    rspec-mocks (3.3.2)
      diff-lcs (>= 1.2.0, < 2.0)
      rspec-support (~> 3.3.0)
    rspec-support (3.3.0)
    spork (0.9.2)

PLATFORMS
  ruby

DEPENDENCIES
  bundler (~> 1.10)
  rack (~> 1.6)
  rspec (~> 3.3)
  simple_http_client!
  spork (~> 0.9)

BUNDLED WITH
   1.10.3
